GEM
  remote: http://rubygems.org/
  specs:
    aws-s3 (0.6.2)
      builder
      mime-types
      xml-simple
    builder (3.0.0)
    diff-lcs (1.1.2)
    git (1.2.5)
    jeweler (1.5.1)
      bundler (~> 1.0.0)
      git (>= 1.2.5)
      rake
    mime-types (1.16)
    rake (0.8.7)
    rcov (0.9.9)
    rspec (2.1.0)
      rspec-core (~> 2.1.0)
      rspec-expectations (~> 2.1.0)
      rspec-mocks (~> 2.1.0)
    rspec-core (2.1.0)
    rspec-expectations (2.1.0)
      diff-lcs (~> 1.1.2)
    rspec-mocks (2.1.0)
    xml-simple (1.0.12)
    yard (0.6.3)

PLATFORMS
  ruby

DEPENDENCIES
  aws-s3 (>= 0.6.2)
  bundler (~> 1.0.0)
  jeweler (~> 1.5.1)
  mime-types (>= 1.16)
  rcov
  rspec (~> 2.1.0)
  yard (~> 0.6.0)
